GEM
  remote: https://rubygems.org/
  specs:
    alertdesigner (0.0.3)

PLATFORMS
  ruby

DEPENDENCIES
  alertdesigner

BUNDLED WITH
   1.11.2
